PATH
  remote: .
  specs:
    my_stuff-multidb (0.0.2)
      activerecord (~> 3.0.7)
      my_stuff-logger (~> 0.0.3)

GEM
  remote: http://rubygems.org/
  specs:
    activemodel (3.0.10)
      activesupport (= 3.0.10)
      builder (~> 2.1.2)
      i18n (~> 0.5.0)
    activerecord (3.0.10)
      activemodel (= 3.0.10)
      activesupport (= 3.0.10)
      arel (~> 2.0.10)
      tzinfo (~> 0.3.23)
    activesupport (3.0.10)
    arel (2.0.10)
    builder (2.1.2)
    i18n (0.5.0)
    my_stuff-logger (0.0.3)
    tzinfo (0.3.29)

PLATFORMS
  ruby

DEPENDENCIES
  my_stuff-multidb!
